PATH
  remote: .
  specs:
    seatable_ruby (0.1.12)

GEM
  remote: https://rubygems.org/
  specs:
    rake (13.2.1)

PLATFORMS
  x86_64-linux

DEPENDENCIES
  rake (~> 13.0)
  seatable_ruby!

BUNDLED WITH
   2.6.2
